PATH
  remote: .
  specs:
    cs-webautomator (0.1.0)
      bundler (>= 1.7)
      gherkin (= 2.12.2)
      i18n (>= 0.6.11)
      rake (>= 10.0)
      thor (>= 0.19.1)

GEM
  remote: https://rubygems.org/
  specs:
    gherkin (2.12.2)
      multi_json (~> 1.3)
    i18n (0.7.0)
    json (2.0.1)
    multi_json (1.12.1)
    rake (11.2.2)
    thor (0.19.1)

PLATFORMS
  ruby

DEPENDENCIES
  cs-webautomator!
  gherkin
  i18n
  json
  thor

BUNDLED WITH
   1.12.5
