PATH
  remote: .
  specs:
    magneton (0.1.0)
      bundler (>= 1.7)
      gherkin (= 2.12.2)
      i18n (>= 0.6.11)
      rake (>= 10.0)
      thor (>= 0.19.1)

GEM
  remote: https://rubygems.org/
  specs:
    gherkin (2.12.2)
      multi_json (~> 1.3)
    i18n (0.7.0)
    json (2.0.2)
    multi_json (1.12.1)
    rake (11.3.0)
    thor (0.19.1)

PLATFORMS
  ruby

DEPENDENCIES
  gherkin
  i18n
  json
  magneton!
  thor

BUNDLED WITH
   1.12.5
